GEM
  remote: http://rubygems.org/
  specs:
    coderay (1.1.1)
    method_source (0.8.2)
    pry (0.10.3)
      coderay (~> 1.1.0)
      method_source (~> 0.8.1)
      slop (~> 3.4)
    slop (3.6.0)
    wongi-engine (0.2.6)

PLATFORMS
  ruby

DEPENDENCIES
  pry
  wongi-engine

BUNDLED WITH
   1.11.2
